PATH
  remote: .
  specs:
    liebre (0.0.1)
      concurrent-ruby

GEM
  remote: https://rubygems.org/
  specs:
    amq-protocol (2.0.1)
    bunny (2.2.2)
      amq-protocol (>= 2.0.1)
    coderay (1.1.1)
    concurrent-ruby (1.0.2)
    diff-lcs (1.3)
    method_source (0.8.2)
    pry (0.10.4)
      coderay (~> 1.1.0)
      method_source (~> 0.8.1)
      slop (~> 3.4)
    rake (12.0.0)
    rspec (3.5.0)
      rspec-core (~> 3.5.0)
      rspec-expectations (~> 3.5.0)
      rspec-mocks (~> 3.5.0)
    rspec-core (3.5.4)
      rspec-support (~> 3.5.0)
    rspec-expectations (3.5.0)
      diff-lcs (>= 1.2.0, < 2.0)
      rspec-support (~> 3.5.0)
    rspec-mocks (3.5.0)
      diff-lcs (>= 1.2.0, < 2.0)
      rspec-support (~> 3.5.0)
    rspec-support (3.5.0)
    slop (3.6.0)

PLATFORMS
  ruby

DEPENDENCIES
  bundler (~> 1.6)
  bunny
  liebre!
  pry
  rake
  rspec
